GEM
  remote: http://rubygems.org/
  specs:
    bson (1.8.2)
    mongo (1.8.2)
      bson (~> 1.8.2)
    sqlite3 (1.3.7-x86-mingw32)

PLATFORMS
  x86-mingw32

DEPENDENCIES
  mongo
  sqlite3
